GEM
  remote: https://rubygems.org/
  specs:
    byebug (8.2.2)
    diff-lcs (1.2.5)
    highline (1.7.8)
    polyglot (0.3.5)
    rspec (3.4.0)
      rspec-core (~> 3.4.0)
      rspec-expectations (~> 3.4.0)
      rspec-mocks (~> 3.4.0)
    rspec-core (3.4.4)
      rspec-support (~> 3.4.0)
    rspec-expectations (3.4.0)
      diff-lcs (>= 1.2.0, < 2.0)
      rspec-support (~> 3.4.0)
    rspec-mocks (3.4.1)
      diff-lcs (>= 1.2.0, < 2.0)
      rspec-support (~> 3.4.0)
    rspec-support (3.4.1)
    treetop (1.6.5)
      polyglot (~> 0.3)

PLATFORMS
  ruby

DEPENDENCIES
  byebug (~> 8.2.2)
  highline (~> 1.7.8)
  rspec (~> 3.4.0)
  treetop (~> 1.6.5)

BUNDLED WITH
   1.11.2
